GIT
  remote: https://github.com/michaelfeil/proxxy.git
  revision: 6ac2a5e5e0192bd4c5237bf6074bff92833a5826
  specs:
    proxxy (2.0.0.pre.dev4)
      eventmachine (~> 1.2)

GIT
  remote: https://github.com/michaelfeil/weblink.git
  revision: cbb6c542b510975ffbdbb8ce9acc293c1116eeb0
  specs:
    weblink (1.2.0)
      em-websocket (~> 0.5)
      webrick (~> 1.7)

GEM
  remote: https://rubygems.org/
  specs:
    em-websocket (0.5.3)
      eventmachine (>= 0.12.9)
      http_parser.rb (~> 0)
    eventmachine (1.2.7)
    http_parser.rb (0.8.0)
    webrick (1.8.1)

PLATFORMS
  ruby

DEPENDENCIES
  proxxy!
  weblink!

RUBY VERSION
   ruby 3.0.6p216

BUNDLED WITH
   2.5.4
