GIT
  remote: https://github.com/michaelfeil/proxxy.git
  revision: 13fde7e47fa8a3d4367d8dedf2b53d8d68922953
  specs:
    proxxy (2.0.0.pre.dev4)
      eventmachine (~> 1.2)

GIT
  remote: https://github.com/michaelfeil/weblink.git
  revision: ca70a96e8bf9e67f4968222df41ef65c3e292eb2
  specs:
    weblink (1.2.0)
      em-websocket (~> 0.5)
      webrick (~> 1.7)

GEM
  remote: https://rubygems.org/
  specs:
    em-websocket (0.5.3)
      eventmachine (>= 0.12.9)
      http_parser.rb (~> 0)
    eventmachine (1.2.7)
    http_parser.rb (0.8.0)
    webrick (1.8.1)

PLATFORMS
  ruby

DEPENDENCIES
  proxxy!
  weblink!